GEM
  remote: https://rubygems.org/
  specs:
    builder (3.2.2)
    concurrent-ruby (1.1.5)
    diff-lcs (1.2.4)
    facter (2.5.6)
    fast_gettext (1.8.0)
    hiera (3.6.0)
    highline (1.6.19)
    hocon (1.3.0)
    httpclient (2.8.3)
    kwalify (0.7.2)
    locale (2.1.2)
    metaclass (0.0.1)
    mocha (0.14.0)
      metaclass (~> 0.0.1)
    multi_json (1.14.1)
    net-scp (1.1.2)
      net-ssh (>= 2.6.5)
    net-ssh (2.7.0)
    nokogiri (1.5.10)
    puppet (6.10.1)
      concurrent-ruby (~> 1.0)
      facter (> 2.0.1, < 4)
      fast_gettext (~> 1.1)
      hiera (>= 3.2.1, < 4)
      httpclient (~> 2.8)
      locale (~> 2.1)
      multi_json (~> 1.10)
      puppet-resource_api (~> 1.5)
      semantic_puppet (~> 1.0)
    puppet-resource_api (1.8.7)
      hocon (>= 1.0)
    puppetlabs_spec_helper (0.4.1)
      mocha (>= 0.10.5)
      rake
      rspec (>= 2.9.0)
      rspec-puppet (>= 0.1.1)
    rake (10.1.0)
    rbvmomi (1.6.0)
      builder
      nokogiri (>= 1.4.1)
      trollop
    rspec (2.14.1)
      rspec-core (~> 2.14.0)
      rspec-expectations (~> 2.14.0)
      rspec-mocks (~> 2.14.0)
    rspec-core (2.14.5)
    rspec-expectations (2.14.3)
      diff-lcs (>= 1.1.3, < 2.0)
    rspec-mocks (2.14.3)
    rspec-puppet (0.1.6)
      rspec
    rspec-system (2.3.0)
      kwalify (~> 0.7.2)
      net-scp (~> 1.1)
      net-ssh (~> 2.6)
      nokogiri (~> 1.5.9)
      rbvmomi (~> 1.6)
      rspec (~> 2.13)
      systemu (~> 2.5)
    rspec-system-puppet (2.2.0)
      rspec-system (~> 2.0)
    rspec-system-serverspec (1.0.1)
      rspec-system (~> 2.0)
      serverspec (~> 0.0)
    semantic_puppet (1.0.2)
    serverspec (0.10.5)
      highline
      net-ssh
      rspec (>= 2.13.0)
    systemu (2.5.2)
    trollop (2.0)

PLATFORMS
  ruby

DEPENDENCIES
  puppet
  puppetlabs_spec_helper
  rake
  rspec-puppet
  rspec-system
  rspec-system-puppet
  rspec-system-serverspec

BUNDLED WITH
   1.17.3
